GIT
  remote: https://github.com/ismasan/sourced.git
  revision: 07748dae418b0896357be774ec6ce6830e3ec3c3
  branch: pubsub
  specs:
    sourced (0.0.1)
      async
      plumb (>= 0.0.9)

GEM
  remote: https://rubygems.org/
  specs:
    async (2.23.0)
      console (~> 1.29)
      fiber-annotation
      io-event (~> 1.9)
      metrics (~> 0.12)
      traces (~> 0.15)
    base64 (0.2.0)
    bigdecimal (3.1.9)
    concurrent-ruby (1.3.5)
    console (1.29.2)
      fiber-annotation
      fiber-local (~> 1.1)
      json
    datastar (1.0.0.beta.2)
      rack (~> 3.0)
    dotenv (3.1.7)
    fiber-annotation (0.2.0)
    fiber-local (1.1.0)
      fiber-storage
    fiber-storage (1.0.0)
    io-event (1.9.0)
    json (2.10.1)
    logger (1.6.5)
    metrics (0.12.1)
    mustermann (3.0.3)
      ruby2_keywords (~> 0.0.1)
    nio4r (2.7.4)
    pg (1.5.9)
    phlex (2.0.0.rc1)
    phlex-sinatra (0.4.0)
      phlex (>= 1.7.0)
      sinatra
    plumb (0.0.10)
      bigdecimal
      concurrent-ruby
    puma (6.6.0)
      nio4r (~> 2.0)
    rack (3.1.10)
    rack-protection (4.1.1)
      base64 (>= 0.1.0)
      logger (>= 1.6.0)
      rack (>= 3.0.0, < 4)
    rack-session (2.1.0)
      base64 (>= 0.1.0)
      rack (>= 3.0.0)
    rack-unreloader (2.1.0)
    ruby2_keywords (0.0.5)
    sequel (5.89.0)
      bigdecimal
    sinatra (4.1.1)
      logger (>= 1.6.0)
      mustermann (~> 3.0)
      rack (>= 3.0.0, < 4)
      rack-protection (= 4.1.1)
      rack-session (>= 2.0.0, < 3)
      tilt (~> 2.0)
    tilt (2.6.0)
    traces (0.15.2)
    zeitwerk (2.7.1)

PLATFORMS
  arm64-darwin-24
  ruby

DEPENDENCIES
  datastar
  dotenv
  pg
  phlex (= 2.0.0.rc1)
  phlex-sinatra
  plumb
  puma
  rack-unreloader (~> 2.1)
  sequel
  sinatra (~> 4.0)
  sourced!
  zeitwerk (~> 2.7)

BUNDLED WITH
   2.6.3
